GEM
  remote: https://rubygems.org/
  specs:
    fastlane (2.225.0)

PLATFORMS
  ruby

DEPENDENCIES
  fastlane

BUNDLED WITH
   2.7.2
